GIT
  remote: git://github.com/steveklabnik/require_relative.git
  revision: 29530e0335fd412f0c7a4074788cd9b42a90e7a7
  specs:
    require_relative (1.0.2)

GIT
  remote: git://github.com/useruby/riddle.git
  revision: 8796e4b44994f9df69e879024b92137210882aff
  specs:
    riddle (1.3.3)

GEM
  remote: http://rubygems.org/
  specs:
    columnize (0.3.3)
    diff-lcs (1.1.2)
    git (1.2.5)
    haml (3.1.2)
    jeweler (1.6.2)
      bundler (~> 1.0)
      git (>= 1.2.5)
      rake
    linecache (0.46)
      rbx-require-relative (> 0.0.4)
    rake (0.9.2)
    rbx-require-relative (0.0.5)
    rcov (0.9.9)
    rspec (2.3.0)
      rspec-core (~> 2.3.0)
      rspec-expectations (~> 2.3.0)
      rspec-mocks (~> 2.3.0)
    rspec-core (2.3.1)
    rspec-expectations (2.3.0)
      diff-lcs (~> 1.1.2)
    rspec-mocks (2.3.0)
    ruby-debug (0.10.4)
      columnize (>= 0.1)
      ruby-debug-base (~> 0.10.4.0)
    ruby-debug-base (0.10.4)
      linecache (>= 0.3)
    settingslogic (2.0.6)
    slop (1.9.1)

PLATFORMS
  ruby

DEPENDENCIES
  bundler (~> 1.0.0)
  haml
  jeweler (~> 1.6.1)
  rcov
  require_relative!
  riddle!
  rspec (~> 2.3.0)
  ruby-debug
  settingslogic
  slop
